GEM
  remote: https://rubygems.org/
  remote: https://rails-assets.org/
  specs:
    actionmailer (4.2.6)
      actionpack (= 4.2.6)
      actionview (= 4.2.6)
      activejob (= 4.2.6)
      mail (~> 2.5, >= 2.5.4)
      rails-dom-testing (~> 1.0, >= 1.0.5)
    actionpack (4.2.6)
      actionview (= 4.2.6)
      activesupport (= 4.2.6)
      rack (~> 1.6)
      rack-test (~> 0.6.2)
      rails-dom-testing (~> 1.0, >= 1.0.5)
      rails-html-sanitizer (~> 1.0, >= 1.0.2)
    actionview (4.2.6)
      activesupport (= 4.2.6)
      builder (~> 3.1)
      erubis (~> 2.7.0)
      rails-dom-testing (~> 1.0, >= 1.0.5)
      rails-html-sanitizer (~> 1.0, >= 1.0.2)
    activejob (4.2.6)
      activesupport (= 4.2.6)
      globalid (>= 0.3.0)
    activemodel (4.2.6)
      activesupport (= 4.2.6)
      builder (~> 3.1)
    activerecord (4.2.6)
      activemodel (= 4.2.6)
      activesupport (= 4.2.6)
      arel (~> 6.0)
    activesupport (4.2.6)
      i18n (~> 0.7)
      json (~> 1.7, >= 1.7.7)
      minitest (~> 5.1)
      thread_safe (~> 0.3, >= 0.3.4)
      tzinfo (~> 1.1)
    addressable (2.4.0)
    arel (6.0.3)
    auto_html (1.6.4)
      redcarpet (~> 3.1)
      rinku (~> 1.5.0)
    binding_of_caller (0.7.2)
      debug_inspector (>= 0.0.1)
    builder (3.2.2)
    byebug (8.2.4)
    carrierwave (0.10.0)
      activemodel (>= 3.2.0)
      activesupport (>= 3.2.0)
      json (>= 1.7)
      mime-types (>= 1.16)
    cells (3.11.3)
      actionpack (>= 3.0)
      railties (>= 3.0)
      uber (~> 0.0.8)
    cells-collection (0.0.2)
      cells (~> 3.9)
    coderay (1.1.1)
    coffee-rails (4.1.1)
      coffee-script (>= 2.2.0)
      railties (>= 4.0.0, < 5.1.x)
    coffee-script (2.4.1)
      coffee-script-source
      execjs
    coffee-script-source (1.10.0)
    concurrent-ruby (1.0.1)
    debug_inspector (0.0.2)
    diff-lcs (1.2.5)
    erubis (2.7.0)
    execjs (2.6.0)
    factory_girl (4.7.0)
      activesupport (>= 3.0.0)
    factory_girl_rails (4.7.0)
      factory_girl (~> 4.7.0)
      railties (>= 3.0.0)
    fastimage (1.7.0)
      addressable (~> 2.3, >= 2.3.5)
    ffi (1.9.10)
    formatador (0.2.5)
    globalid (0.3.6)
      activesupport (>= 4.1.0)
    guard (2.13.0)
      formatador (>= 0.2.4)
      listen (>= 2.7, <= 4.0)
      lumberjack (~> 1.0)
      nenv (~> 0.1)
      notiffany (~> 0.0)
      pry (>= 0.9.12)
      shellany (~> 0.0)
      thor (>= 0.18.1)
    guard-compat (1.2.1)
    guard-rspec (4.6.5)
      guard (~> 2.1)
      guard-compat (~> 1.1)
      rspec (>= 2.99.0, < 4.0)
    i18n (0.7.0)
    jbuilder (2.4.1)
      activesupport (>= 3.0.0, < 5.1)
      multi_json (~> 1.2)
    jquery-rails (4.3.1)
      rails-dom-testing (>= 1, < 3)
      railties (>= 4.2.0)
      thor (>= 0.14, < 2.0)
    jquery-rails-cdn (1.0.3)
      jquery-rails
    jquery-turbolinks (2.1.0)
      railties (>= 3.1.0)
      turbolinks
    json (1.8.6)
    kaminari (0.16.3)
      actionpack (>= 3.0.0)
      activesupport (>= 3.0.0)
    listen (3.1.1)
      rb-fsevent (>= 0.9.3)
      rb-inotify (>= 0.9.7)
    loofah (2.0.3)
      nokogiri (>= 1.5.9)
    lulalala_presenter (0.0.1)
    lumberjack (1.0.10)
    mail (2.6.4)
      mime-types (>= 1.16, < 4)
    method_source (0.8.2)
    migration_comments (0.3.2)
      activerecord (>= 2.3.2)
    mime-types (3.0)
      mime-types-data (~> 3.2015)
    mime-types-data (3.2016.0221)
    mini_magick (4.2.10)
    mini_portile2 (2.0.0)
    minitest (5.8.4)
    multi_json (1.11.2)
    mysql2 (0.3.20)
    nenv (0.3.0)
    nilify_blanks (1.2.1)
      activerecord (>= 3.0.0)
      activesupport (>= 3.0.0)
    nokogiri (1.6.7.2)
      mini_portile2 (~> 2.0.0.rc2)
    notiffany (0.0.8)
      nenv (~> 0.1)
      shellany (~> 0.0)
    pg (0.18.4)
    polyamorous (1.1.0)
      activerecord (>= 3.0)
    pry (0.10.3)
      coderay (~> 1.1.0)
      method_source (~> 0.8.1)
      slop (~> 3.4)
    puma (3.4.0)
    quiet_assets (1.1.0)
      railties (>= 3.1, < 5.0)
    rack (1.6.4)
    rack-test (0.6.3)
      rack (>= 1.0)
    rails (4.2.6)
      actionmailer (= 4.2.6)
      actionpack (= 4.2.6)
      actionview (= 4.2.6)
      activejob (= 4.2.6)
      activemodel (= 4.2.6)
      activerecord (= 4.2.6)
      activesupport (= 4.2.6)
      bundler (>= 1.3.0, < 2.0)
      railties (= 4.2.6)
      sprockets-rails
    rails-assets-blueimp-canvas-to-blob (3.3.0)
    rails-assets-blueimp-file-upload (9.12.3)
      rails-assets-blueimp-canvas-to-blob (>= 2.1.1)
      rails-assets-blueimp-load-image (>= 1.13.0)
      rails-assets-blueimp-tmpl (>= 2.5.4)
      rails-assets-jquery (>= 1.6)
    rails-assets-blueimp-load-image (2.6.1)
    rails-assets-blueimp-tmpl (3.4.0)
    rails-assets-jquery (2.2.3)
    rails-assets-js-cookie (2.1.1)
    rails-assets-normalize.css (3.0.3)
    rails-deprecated_sanitizer (1.0.3)
      activesupport (>= 4.2.0.alpha)
    rails-dom-testing (1.0.7)
      activesupport (>= 4.2.0.beta, < 5.0)
      nokogiri (~> 1.6.0)
      rails-deprecated_sanitizer (>= 1.0.1)
    rails-html-sanitizer (1.0.3)
      loofah (~> 2.0)
    railties (4.2.6)
      actionpack (= 4.2.6)
      activesupport (= 4.2.6)
      rake (>= 0.8.7)
      thor (>= 0.18.1, < 2.0)
    rake (11.1.2)
    rb-fsevent (0.9.7)
    rb-inotify (0.9.7)
      ffi (>= 0.5.0)
    rdoc (4.3.0)
    redcarpet (3.3.4)
    rinku (1.5.1)
    rspec (3.4.0)
      rspec-core (~> 3.4.0)
      rspec-expectations (~> 3.4.0)
      rspec-mocks (~> 3.4.0)
    rspec-core (3.4.4)
      rspec-support (~> 3.4.0)
    rspec-expectations (3.4.0)
      diff-lcs (>= 1.2.0, < 2.0)
      rspec-support (~> 3.4.0)
    rspec-mocks (3.4.1)
      diff-lcs (>= 1.2.0, < 2.0)
      rspec-support (~> 3.4.0)
    rspec-rails (3.4.2)
      actionpack (>= 3.0, < 4.3)
      activesupport (>= 3.0, < 4.3)
      railties (>= 3.0, < 4.3)
      rspec-core (~> 3.4.0)
      rspec-expectations (~> 3.4.0)
      rspec-mocks (~> 3.4.0)
      rspec-support (~> 3.4.0)
    rspec-support (3.4.1)
    sass (3.4.22)
    sass-rails (5.0.4)
      railties (>= 4.0.0, < 5.0)
      sass (~> 3.1)
      sprockets (>= 2.8, < 4.0)
      sprockets-rails (>= 2.0, < 4.0)
      tilt (>= 1.1, < 3)
    sdoc (0.4.2)
      json (~> 1.7, >= 1.7.7)
      rdoc (~> 4.0)
    seed-fu (2.3.5)
      activerecord (>= 3.1, < 4.3)
      activesupport (>= 3.1, < 4.3)
    seedbank (0.3.0)
    settingslogic (2.0.9)
    shellany (0.0.1)
    sitemap_generator (5.0.5)
      builder
    slop (3.6.0)
    spring (1.3.6)
    spring-commands-rspec (1.0.4)
      spring (>= 0.9.1)
    sprockets (3.6.0)
      concurrent-ruby (~> 1.0)
      rack (> 1, < 3)
    sprockets-rails (3.0.4)
      actionpack (>= 4.0)
      activesupport (>= 4.0)
      sprockets (>= 3.0.0)
    squeel (1.2.3)
      activerecord (>= 3.0)
      activesupport (>= 3.0)
      polyamorous (~> 1.1.0)
    sucker_punch (2.0.1)
      concurrent-ruby (~> 1.0.0)
    thor (0.19.1)
    thread_safe (0.3.5)
    tilt (2.0.2)
    timecop (0.8.1)
    turbolinks (2.5.3)
      coffee-rails
    tzinfo (1.2.2)
      thread_safe (~> 0.1)
    uber (0.0.15)
    uglifier (3.0.0)
      execjs (>= 0.3.0, < 3)
    unobtrusive_flash (3.1.0)
      railties
    web-console (2.3.0)
      activemodel (>= 4.0)
      binding_of_caller (>= 0.7.2)
      railties (>= 4.0)
      sprockets-rails (>= 2.0, < 4.0)

PLATFORMS
  ruby

DEPENDENCIES
  auto_html (~> 1.6.4)
  bundler (>= 1.8.4)
  byebug
  carrierwave (~> 0.10.0)
  cells (~> 3.11.3)
  cells-collection (~> 0.0.2)
  coffee-rails (~> 4.1.0)
  factory_girl_rails (~> 4.7.0)
  fastimage (~> 1.7.0)
  guard-rspec (~> 4.6.5)
  jbuilder (~> 2.0)
  jquery-rails (~> 4.3.1)
  jquery-rails-cdn (~> 1.0.3)
  jquery-turbolinks (~> 2.1.0)
  json (~> 1.8.6)
  kaminari (~> 0.16)
  lulalala_presenter (~> 0.0.1)
  migration_comments (~> 0.3)
  mini_magick (~> 4.2.7)
  mysql2 (~> 0.3.18)
  nilify_blanks (~> 1.2.1)
  pg (~> 0.18.2)
  puma (~> 3.4.0)
  quiet_assets (~> 1.1)
  rails (= 4.2.6)
  rails-assets-blueimp-file-upload (~> 9.12.1)!
  rails-assets-js-cookie!
  rails-assets-normalize.css (~> 3.0.3)!
  rb-fsevent (~> 0.9.7)
  rspec-rails (~> 3.4.2)
  sass-rails (~> 5.0)
  sdoc (~> 0.4.2)
  seed-fu (~> 2.3.5)
  seedbank (~> 0.3)
  settingslogic (~> 2.0)
  sitemap_generator (~> 5.0.5)
  spring (~> 1.3.6)
  spring-commands-rspec (~> 1.0.4)
  squeel (~> 1.2)
  sucker_punch (~> 2.0.1)
  timecop (~> 0.8.1)
  turbolinks
  uglifier (>= 1.3.0)
  unobtrusive_flash (~> 3.1.0)
  web-console (~> 2.0)

BUNDLED WITH
   1.15.4
